GEM
  remote: https://rubygems.org/
  specs:
    rack (2.2.3)
    redis (4.1.3)
    roda (3.28.0)
      rack

PLATFORMS
  ruby

DEPENDENCIES
  redis
  roda

BUNDLED WITH
   2.1.2
